GEM
  remote: https://rubygems.org/
  specs:
    prometheus_exporter (2.0.6)
      webrick
    webrick (1.8.2)

PLATFORMS
  ruby

DEPENDENCIES
  prometheus_exporter (= 2.0.6)
  webrick (= 1.8.2)

BUNDLED WITH
   2.5.16
